GEM
  remote: https://rubygems.org/
  specs:
    mysql2 (0.5.1)
    rack (2.2.3)
    roda (3.33.0)
      rack
    sequel (5.8.0)

PLATFORMS
  ruby

DEPENDENCIES
  mysql2
  roda (>= 3.8.0)
  sequel

BUNDLED WITH
   1.17.3
